GEM
  remote: https://rubygems.org/
  specs:
    awesome_print_motion (0.1.0)
    bubble-wrap (1.4.0)
    motion-layout (0.0.2)
    motion-testflight (1.5)
    rake (10.1.1)
    teacup (2.1.13)
    webstub (1.0.1)

PLATFORMS
  ruby

DEPENDENCIES
  awesome_print_motion
  bubble-wrap
  motion-layout
  motion-testflight
  rake
  teacup
  webstub
